GEM
  remote: https://rubygems.org/
  specs:
    net-http-persistent (1.9)
    rack (1.5.2)
    rack-protection (1.5.3)
      rack
    rdf (1.1.5)
    sinatra (1.4.5)
      rack (~> 1.4)
      rack-protection (~> 1.4)
      tilt (~> 1.3, >= 1.3.4)
    sparql-client (1.1.3)
      net-http-persistent (~> 1.4)
      rdf (~> 1.1)
    tilt (1.4.1)

PLATFORMS
  ruby

DEPENDENCIES
  sinatra
  sparql-client
